PATH
  remote: .
  specs:
    graphql_server (3.0.5)
      activemodel (>= 5.0)
      activesupport (>= 5.0)
      graphql (~> 1.12)
      graphql-batch (~> 0.4.3)
      graphql-errors (~> 0.2.0)

GEM
  remote: https://rubygems.org/
  specs:
    activemodel (6.1.3)
      activesupport (= 6.1.3)
    activesupport (6.1.3)
      concurrent-ruby (~> 1.0, >= 1.0.2)
      i18n (>= 1.6, < 2)
      minitest (>= 5.1)
      tzinfo (~> 2.0)
      zeitwerk (~> 2.3)
    ansi (1.5.0)
    builder (3.2.4)
    concurrent-ruby (1.1.8)
    graphql (1.12.6)
    graphql-batch (0.4.3)
      graphql (>= 1.3, < 2)
      promise.rb (~> 0.7.2)
    graphql-errors (0.2.0)
      graphql (>= 1.6.0, < 2)
    i18n (1.8.9)
      concurrent-ruby (~> 1.0)
    minitest (5.14.4)
    minitest-reporters (1.4.3)
      ansi
      builder
      minitest (>= 5.0)
      ruby-progressbar
    promise.rb (0.7.4)
    rake (13.0.3)
    ruby-progressbar (1.11.0)
    tzinfo (2.0.4)
      concurrent-ruby (~> 1.0)
    warning (1.2.0)
    zeitwerk (2.4.2)

PLATFORMS
  x86_64-darwin-19

DEPENDENCIES
  bundler (~> 2.1)
  graphql_server!
  minitest (~> 5.0)
  minitest-reporters (~> 1.4)
  rake (~> 13.0)
  warning (~> 1.1)

BUNDLED WITH
   2.2.3
